GIT
  remote: git://github.com/chrismdp/spork.git
  revision: 63761d5cb9e00817e9f1508d00784f22382aac32
  specs:
    spork (0.9.0.rc2)

GIT
  remote: git://github.com/jnicklas/carrierwave.git
  revision: 85ddee1014806dd4ccea7d122fe23d14f0adc43e
  specs:
    carrierwave (0.5.1)
      activesupport (~> 3.0)

GIT
  remote: git://github.com/mauriciozaffari/mongoid_search.git
  revision: 04b062c7f735ba8af9aa4fbbf0401d10224f582b
  specs:
    mongoid_search (0.1.2)
      mongoid (~> 2.0.0.beta)

GEM
  remote: http://rubygems.org/
  specs:
    RedCloth (4.2.3)
    ZenTest (4.4.2)
    abstract (1.0.0)
    actionmailer (3.0.3)
      actionpack (= 3.0.3)
      mail (~> 2.2.9)
    actionpack (3.0.3)
      activemodel (= 3.0.3)
      activesupport (= 3.0.3)
      builder (~> 2.1.2)
      erubis (~> 2.6.6)
      i18n (~> 0.4)
      rack (~> 1.2.1)
      rack-mount (~> 0.6.13)
      rack-test (~> 0.5.6)
      tzinfo (~> 0.3.23)
    activemodel (3.0.3)
      activesupport (= 3.0.3)
      builder (~> 2.1.2)
      i18n (~> 0.4)
    activerecord (3.0.3)
      activemodel (= 3.0.3)
      activesupport (= 3.0.3)
      arel (~> 2.0.2)
      tzinfo (~> 0.3.23)
    activeresource (3.0.3)
      activemodel (= 3.0.3)
      activesupport (= 3.0.3)
    activesupport (3.0.3)
    annotate-models (1.0.4)
    archive-tar-minitar (0.5.2)
    arel (2.0.6)
    autotest (4.4.6)
      ZenTest (>= 4.4.1)
    autotest-notification (2.3.1)
      autotest (~> 4.3)
    autotest-rails (4.1.0)
      ZenTest
    aws-s3 (0.6.2)
      builder
      mime-types
      xml-simple
    bcrypt-ruby (2.1.3)
    bcrypt-ruby (2.1.3-x86-mingw32)
    bson (1.1.5)
    bson_ext (1.1.5)
    builder (2.1.2)
    capybara (0.4.0)
      celerity (>= 0.7.9)
      culerity (>= 0.2.4)
      mime-types (>= 1.16)
      nokogiri (>= 1.3.3)
      rack (>= 1.0.0)
      rack-test (>= 0.5.4)
      selenium-webdriver (>= 0.0.27)
      xpath (~> 0.1.2)
    celerity (0.8.6)
    childprocess (0.1.6)
      ffi (~> 0.6.3)
    columnize (0.3.2)
    configuration (1.2.0)
    cucumber (0.10.0)
      builder (>= 2.1.2)
      diff-lcs (~> 1.1.2)
      gherkin (~> 2.3.2)
      json (~> 1.4.6)
      term-ansicolor (~> 1.0.5)
    cucumber-rails (0.3.2)
      cucumber (>= 0.8.0)
    culerity (0.2.14)
    daemons (1.0.10)
    database_cleaner (0.6.0)
    devise (1.1.5)
      bcrypt-ruby (~> 2.1.2)
      warden (~> 1.0.2)
    devise_invitable (0.3.5)
      devise (~> 1.1.0)
    diff-lcs (1.1.2)
    erubis (2.6.6)
      abstract (>= 1.0.0)
    excon (0.3.6)
    factory_girl (1.3.2)
    factory_girl_rails (1.0.1)
      factory_girl (~> 1.3)
      railties (>= 3.0.0)
    ffaker (1.2.0)
    ffi (0.6.3)
      rake (>= 0.8.7)
    ffi (0.6.3-x86-mingw32)
      rake (>= 0.8.7)
    fog (0.3.34)
      builder
      excon (>= 0.3.6)
      formatador (>= 0.0.16)
      json
      mime-types
      net-ssh (>= 2.0.23)
      nokogiri (>= 1.4.4)
      ruby-hmac
    formatador (0.0.16)
    fuubar (0.0.3)
      rspec (~> 2.0)
      rspec-instafail (~> 0.1.4)
      ruby-progressbar (~> 0.0.9)
    fuubar-cucumber (0.0.9)
      cucumber
      ruby-progressbar (~> 0.0.9)
    gem_plugin (0.2.3)
    gherkin (2.3.3)
      json (~> 1.4.6)
    gherkin (2.3.3-x86-mingw32)
      json (~> 1.4.6)
    haml (3.0.25)
    haml-rails (0.3.4)
      actionpack (~> 3.0)
      activesupport (~> 3.0)
      haml (~> 3.0)
      railties (~> 3.0)
    heroku (1.15.1)
      json_pure (>= 1.2.0, < 1.5.0)
      launchy (~> 0.3.2)
      rest-client (>= 1.4.0, < 1.7.0)
    heroku-rails (0.3.0)
      heroku (>= 1.11.0)
    hpricot (0.8.3)
    i18n (0.5.0)
    jquery-rails (0.2.6)
      rails (~> 3.0)
      thor (~> 0.14.4)
    json (1.4.6)
    json (1.4.6-x86-mingw32)
    json_pure (1.4.6)
    launchy (0.3.7)
      configuration (>= 0.0.5)
      rake (>= 0.8.1)
    linecache19 (0.5.11)
      ruby_core_source (>= 0.1.4)
    mail (2.2.14)
      activesupport (>= 2.3.6)
      i18n (>= 0.4.0)
      mime-types (~> 1.16)
      treetop (~> 1.4.8)
    mime-types (1.16)
    mini_magick (3.1)
      subexec (~> 0.0.4)
    mongo (1.1.5)
      bson (>= 1.1.5)
    mongoid (2.0.0.beta.20)
      activemodel (~> 3.0)
      mongo (~> 1.1)
      tzinfo (~> 0.3.22)
      will_paginate (~> 3.0.pre)
    mongoid-rspec (1.3.2)
      mongoid (~> 2.0.0)
      rspec (~> 2)
    mongoid_taggable (0.1.1)
    mongoid_voteable (0.1.1)
      activesupport (>= 3.0.0.rc)
      mongoid (>= 2.0.0.beta.16)
    mongrel (1.2.0.pre2)
      daemons (~> 1.0.10)
      gem_plugin (~> 0.2.3)
    mongrel (1.2.0.pre2-x86-mingw32)
      gem_plugin (~> 0.2.3)
    net-ssh (2.0.23)
    nokogiri (1.4.4)
    nokogiri (1.4.4-x86-mingw32)
    parallel (0.5.1)
    parallel_tests (0.4.9)
      parallel
    pickle (0.4.4)
      cucumber (>= 0.8)
      rake
      rspec (>= 1.3)
      yard
    pickle-mongoid (0.1.7)
      mongoid (>= 2.0.0.beta.20)
      pickle (>= 0.3.0)
    polyglot (0.3.1)
    rack (1.2.1)
    rack-mount (0.6.13)
      rack (>= 1.0.0)
    rack-test (0.5.7)
      rack (>= 1.0)
    rails (3.0.3)
      actionmailer (= 3.0.3)
      actionpack (= 3.0.3)
      activerecord (= 3.0.3)
      activeresource (= 3.0.3)
      activesupport (= 3.0.3)
      bundler (~> 1.0)
      railties (= 3.0.3)
    rails3-generators (0.17.0)
      railties (>= 3.0.0)
    railties (3.0.3)
      actionpack (= 3.0.3)
      activesupport (= 3.0.3)
      rake (>= 0.8.7)
      thor (~> 0.14.4)
    rake (0.8.7)
    remarkable (4.0.0.alpha4)
      rspec (>= 2.0.0.alpha11)
    remarkable_activemodel (4.0.0.alpha4)
      remarkable (~> 4.0.0.alpha4)
      rspec (>= 2.0.0.alpha11)
    remarkable_mongoid (0.5.0)
      remarkable_activemodel (>= 4.0.0.alpha2)
    rest-client (1.6.1)
      mime-types (>= 1.16)
    rspec (2.4.0)
      rspec-core (~> 2.4.0)
      rspec-expectations (~> 2.4.0)
      rspec-mocks (~> 2.4.0)
    rspec-core (2.4.0)
    rspec-expectations (2.4.0)
      diff-lcs (~> 1.1.2)
    rspec-instafail (0.1.5)
    rspec-mocks (2.4.0)
    rspec-rails (2.4.1)
      actionpack (~> 3.0)
      activesupport (~> 3.0)
      railties (~> 3.0)
      rspec (~> 2.4.0)
    ruby-debug-base19 (0.11.24)
      columnize (>= 0.3.1)
      linecache19 (>= 0.5.11)
      ruby_core_source (>= 0.1.4)
    ruby-debug19 (0.11.6)
      columnize (>= 0.3.1)
      linecache19 (>= 0.5.11)
      ruby-debug-base19 (>= 0.11.19)
    ruby-hmac (0.4.0)
    ruby-progressbar (0.0.9)
    ruby_core_source (0.1.4)
      archive-tar-minitar (>= 0.5.2)
    ruby_parser (2.0.5)
      sexp_processor (~> 3.0)
    rubyzip (0.9.4)
    selenium-webdriver (0.1.2)
      childprocess (~> 0.1.5)
      ffi (~> 0.6.3)
      json_pure
      rubyzip
    sequel (3.17.0)
    sexp_processor (3.0.5)
    sinatra (1.0)
      rack (>= 1.0)
    slowhandcuke (0.0.3)
      cucumber
    sqlite3-ruby (1.3.2)
    sqlite3-ruby (1.3.2-x86-mingw32)
    subexec (0.0.4)
    taps (0.3.14)
      json_pure (>= 1.2.0, < 1.5.0)
      rack (>= 1.0.1)
      rest-client (>= 1.4.0, < 1.7.0)
      sequel (~> 3.17.0)
      sinatra (~> 1.0.0)
      sqlite3-ruby (~> 1.2)
    term-ansicolor (1.0.5)
    thor (0.14.6)
    treetop (1.4.9)
      polyglot (>= 0.3.1)
    tzinfo (0.3.23)
    warden (1.0.3)
      rack (>= 1.0.0)
    webrat (0.7.3)
      nokogiri (>= 1.2.0)
      rack (>= 1.0)
      rack-test (>= 0.5.3)
    will_paginate (3.0.pre2)
    xml-simple (1.0.12)
    xpath (0.1.2)
      nokogiri (~> 1.3)
    yard (0.6.4)

PLATFORMS
  ruby
  x86-mingw32

DEPENDENCIES
  RedCloth
  annotate-models
  autotest (>= 4.4.1)
  autotest-notification
  autotest-rails (>= 4.1.0)
  aws-s3
  bson_ext (= 1.1.5)
  capybara
  carrierwave!
  cucumber-rails (~> 0.3.2)
  database_cleaner
  devise (~> 1.1.5)
  devise_invitable (~> 0.3.5)
  factory_girl_rails (>= 1.0.1)
  ffaker
  fog
  fuubar
  fuubar-cucumber
  haml
  haml-rails
  heroku
  heroku-rails
  hpricot
  jquery-rails
  launchy
  mini_magick
  mongoid (~> 2.0.0.beta.20)
  mongoid-rspec
  mongoid_search!
  mongoid_taggable
  mongoid_voteable
  mongrel (>= 1.2.0.pre2)
  parallel_tests
  pickle
  pickle-mongoid
  rails (= 3.0.3)
  rails3-generators
  remarkable_activemodel (= 4.0.0.alpha4)
  remarkable_mongoid
  rspec-rails (>= 2.4.1)
  ruby-debug19
  ruby_parser
  slowhandcuke
  spork!
  taps
  webrat
  will_paginate (~> 3.0.pre2)
